GEM
  remote: https://rubygems.org/
  specs:
    bwoken (2.1.0.rc.1)
      coffee-script-source
      colorful
      execjs
      json_pure
      rake
      slop
    coffee-script-source (1.8.0)
    colorful (0.0.3)
    execjs (2.2.1)
    json_pure (1.8.1)
    rake (10.3.2)
    slop (3.6.0)

PLATFORMS
  ruby

DEPENDENCIES
  bwoken (= 2.1.0.rc.1)
